GIT
  remote: https://github.com/livingsocial/rake-pipeline.git
  revision: 7936e551c3046a1b3929d23047a8740e0a692cc9
  ref: 7936e551c3046a1b3929d23047a8740e0a692cc9
  specs:
    rake-pipeline (0.5.0)
      rake (~> 0.9.0)
      thor

GEM
  remote: http://rubygems.org/
  specs:
    rack (1.4.1)
    rake (0.9.2.2)
    thor (0.14.6)

PLATFORMS
  ruby

DEPENDENCIES
  rack
  rake-pipeline!
